GEM
  remote: https://rubygems.org/
  specs:
    gruff (0.23.0)
      histogram
      rmagick (>= 5.3)
    histogram (0.2.4.1)
    mysql2 (0.5.5)
    pkg-config (1.5.5)
    rmagick (5.3.0)
      pkg-config (~> 1.4)

PLATFORMS
  arm64-darwin-22

DEPENDENCIES
  gruff
  mysql2

BUNDLED WITH
   2.4.17
